GEM
  remote: https://rubygems.org/
  specs:
    amq-protocol (2.0.0)
    bunny (2.2.0)
      amq-protocol (>= 2.0.0)
    rake (10.4.2)

PLATFORMS
  ruby

DEPENDENCIES
  bunny (~> 2.2.0)
  rake

BUNDLED WITH
   1.10.6
